GEM
  remote: https://rubygems.org/
  specs:
    activemodel (4.2.5)
      activesupport (= 4.2.5)
      builder (~> 3.1)
    activerecord (4.2.5)
      activemodel (= 4.2.5)
      activesupport (= 4.2.5)
      arel (~> 6.0)
    activesupport (4.2.5)
      i18n (~> 0.7)
      json (~> 1.7, >= 1.7.7)
      minitest (~> 5.1)
      thread_safe (~> 0.3, >= 0.3.4)
      tzinfo (~> 1.1)
    addressable (2.4.0)
    ansi (1.5.0)
    arel (6.0.3)
    ast (2.1.0)
    aws-sdk (2.2.5)
      aws-sdk-resources (= 2.2.5)
    aws-sdk-core (2.2.5)
      jmespath (~> 1.0)
    aws-sdk-resources (2.2.5)
      aws-sdk-core (= 2.2.5)
    backports (3.6.7)
    bond (0.5.1)
    builder (3.2.2)
    concurrent-ruby (0.9.2)
    concurrent-ruby-ext (0.9.2)
      concurrent-ruby (~> 0.9.2)
    config_env (0.1.0)
    daemons (1.2.3)
    dalli (2.7.4)
    digest (0.0.1)
    dynamoid (1.0.0)
      activemodel (~> 4)
      aws-sdk-resources (~> 2)
      concurrent-ruby (~> 0.9)
    eventmachine (1.0.8)
    fuzzy_match (2.1.0)
    i18n (0.7.0)
    jmespath (1.1.3)
    json (1.8.3)
    kiwicourse (0.5.3)
      fuzzy_match
      launchy
      oga
      thor
    launchy (2.4.3)
      addressable (~> 2.3)
    minitest (5.8.3)
    multi_json (1.11.2)
    oga (1.3.1)
      ast
      ruby-ll (~> 2.1)
    rack (1.6.4)
    rack-protection (1.5.3)
      rack
    rack-test (0.6.3)
      rack (>= 1.0)
    rake (10.4.2)
    ripl (0.7.1)
      bond (~> 0.5.1)
    ripl-multi_line (0.3.1)
      ripl (>= 0.3.6)
    ripl-rack (0.2.1)
      rack (>= 1.0)
      rack-test (~> 0.6.2)
      ripl (>= 0.7.0)
    ruby-ll (2.1.2)
      ansi
      ast
    sinatra (1.4.6)
      rack (~> 1.4)
      rack-protection (~> 1.4)
      tilt (>= 1.3, < 3)
    sinatra-contrib (1.4.6)
      backports (>= 2.0)
      multi_json
      rack-protection
      rack-test
      sinatra (~> 1.4.0)
      tilt (>= 1.3, < 3)
    thin (1.6.4)
      daemons (~> 1.0, >= 1.0.9)
      eventmachine (~> 1.0, >= 1.0.4)
      rack (~> 1.0)
    thor (0.19.1)
    thread_safe (0.3.5)
    tilt (2.0.1)
    tux (0.3.0)
      ripl (>= 0.3.5)
      ripl-multi_line (>= 0.2.4)
      ripl-rack (>= 0.2.0)
      sinatra (>= 1.2.1)
    tzinfo (1.2.2)
      thread_safe (~> 0.1)

PLATFORMS
  ruby

DEPENDENCIES
  activerecord
  aws-sdk (~> 2)
  concurrent-ruby-ext
  config_env
  dalli
  digest
  dynamoid (~> 1)
  fuzzy_match
  json
  kiwicourse
  minitest
  rack
  rack-test
  rake
  sinatra
  sinatra-contrib
  thin
  tux

BUNDLED WITH
   1.10.6
